GEM
  remote: https://rubygems.org/
  specs:
    minitest (5.7.0)
    minitest-spec-expect (2.0.0)
      minitest (~> 5.0)
    netrc (0.7.9)
    rake (10.4.2)
    rest_client (1.8.3)
      netrc (~> 0.7.7)

PLATFORMS
  ruby

DEPENDENCIES
  minitest-spec-expect
  rake
  rest_client
